GEM
  specs:
    colorize (0.8.1)

PLATFORMS
  ruby

DEPENDENCIES
  colorize

BUNDLED WITH
   1.16.3
